PATH
  remote: Dependencies/Swift Gen
  specs:
    graphql_swift_gen (0.1.0)
      graphql_schema (~> 0.1.8)

GEM
  remote: https://rubygems.org/
  specs:
    graphql_schema (0.1.8)

PLATFORMS
  ruby

DEPENDENCIES
  graphql_swift_gen!

BUNDLED WITH
   1.17.3
